GIT
  remote: https://github.com/bytemine/rubius.git
  revision: 3ce9b4056538fa774f52de773e67d22636c69477
  specs:
    rubius (0.0.5)

GIT
  remote: https://github.com/chrisk/fakeweb.git
  revision: 2b08c1ff2714ec13a12f3497d67fcefce95c2cbe
  specs:
    fakeweb (1.3.0)

GEM
  remote: https://rubygems.org/
  specs:
    actioncable (5.0.7.2)
      actionpack (= 5.0.7.2)
      nio4r (>= 1.2, < 3.0)
      websocket-driver (~> 0.6.1)
    actionmailer (5.0.7.2)
      actionpack (= 5.0.7.2)
      actionview (= 5.0.7.2)
      activejob (= 5.0.7.2)
      mail (~> 2.5, >= 2.5.4)
      rails-dom-testing (~> 2.0)
    actionpack (5.0.7.2)
      actionview (= 5.0.7.2)
      activesupport (= 5.0.7.2)
      rack (~> 2.0)
      rack-test (~> 0.6.3)
      rails-dom-testing (~> 2.0)
      rails-html-sanitizer (~> 1.0, >= 1.0.2)
    actionview (5.0.7.2)
      activesupport (= 5.0.7.2)
      builder (~> 3.1)
      erubis (~> 2.7.0)
      rails-dom-testing (~> 2.0)
      rails-html-sanitizer (~> 1.0, >= 1.0.3)
    active_model_serializers (0.10.9)
      actionpack (>= 4.1, < 6)
      activemodel (>= 4.1, < 6)
      case_transform (>= 0.2)
      jsonapi-renderer (>= 0.1.1.beta1, < 0.3)
    activejob (5.0.7.2)
      activesupport (= 5.0.7.2)
      globalid (>= 0.3.6)
    activemodel (5.0.7.2)
      activesupport (= 5.0.7.2)
    activerecord (5.0.7.2)
      activemodel (= 5.0.7.2)
      activesupport (= 5.0.7.2)
      arel (~> 7.0)
    activesupport (5.0.7.2)
      concurrent-ruby (~> 1.0, >= 1.0.2)
      i18n (>= 0.7, < 2)
      minitest (~> 5.1)
      tzinfo (~> 1.1)
    arel (7.1.4)
    axiom-types (0.1.1)
      descendants_tracker (~> 0.0.4)
      ice_nine (~> 0.11.0)
      thread_safe (~> 0.3, >= 0.3.1)
    bcrypt (3.1.12)
    bootstrap-sass (2.3.2.2)
      sass (~> 3.2)
    builder (3.2.3)
    capistrano (2.15.9)
      highline
      net-scp (>= 1.0.0)
      net-sftp (>= 2.0.0)
      net-ssh (>= 2.0.14)
      net-ssh-gateway (>= 1.1.0)
    case_transform (0.2)
      activesupport
    climate_control (0.2.0)
    closure_tree (7.0.0)
      activerecord (>= 4.2.10)
      with_advisory_lock (>= 4.0.0)
    coercible (1.0.0)
      descendants_tracker (~> 0.0.1)
    concurrent-ruby (1.1.5)
    connection_pool (2.2.2)
    crass (1.0.5)
    descendants_tracker (0.0.4)
      thread_safe (~> 0.3, >= 0.3.1)
    diff-lcs (1.3)
    diffy (3.3.0)
    equalizer (0.0.11)
    erubis (2.7.0)
    et-orbi (1.2.1)
      tzinfo
    exception_notification (4.3.0)
      actionmailer (>= 4.0, < 6)
      activesupport (>= 4.0, < 6)
    excon (0.64.0)
    execjs (2.7.0)
    factory_bot (5.0.2)
      activesupport (>= 4.2.0)
    factory_bot_rails (5.0.2)
      factory_bot (~> 5.0.2)
      railties (>= 4.2.0)
    ffi (1.11.1)
    font-awesome-rails (4.7.0.5)
      railties (>= 3.2, < 6.1)
    foreman (0.85.0)
      thor (~> 0.19.1)
    fugit (1.2.1)
      et-orbi (~> 1.1, >= 1.1.8)
      raabro (~> 1.1)
    globalid (0.4.2)
      activesupport (>= 4.2.0)
    grape (1.2.3)
      activesupport
      builder
      mustermann-grape (~> 1.0.0)
      rack (>= 1.3.0)
      rack-accept
      virtus (>= 1.0.0)
    grape-active_model_serializers (1.5.2)
      active_model_serializers (>= 0.10.0)
      grape (>= 0.8.0)
    grape-entity (0.7.1)
      activesupport (>= 4.0)
      multi_json (>= 1.3.2)
    grape-swagger (0.32.1)
      grape (>= 0.16.2)
    grape-swagger-entity (0.3.3)
      grape-entity (>= 0.5.0)
      grape-swagger (>= 0.31.0)
    high_voltage (3.1.2)
    highline (2.0.2)
    i18n (1.7.0)
      concurrent-ruby (~> 1.0)
    ice_nine (0.11.2)
    ipaddress (0.8.3)
    jquery-rails (4.3.3)
      rails-dom-testing (>= 1, < 3)
      railties (>= 4.2.0)
      thor (>= 0.14, < 2.0)
    jquery-ui-rails (6.0.1)
      railties (>= 3.2.16)
    jsonapi-renderer (0.2.0)
    keynote (1.1.1)
      rails (>= 3.1.0)
    libv8 (3.16.14.19)
    loofah (2.3.1)
      crass (~> 1.0.2)
      nokogiri (>= 1.5.9)
    mail (2.7.1)
      mini_mime (>= 0.1.1)
    method_source (0.9.2)
    mime-types (3.2.2)
      mime-types-data (~> 3.2015)
    mime-types-data (3.2019.0331)
    mimemagic (0.3.3)
    mini_mime (1.0.1)
    mini_portile2 (2.4.0)
    minitest (5.13.0)
    multi_json (1.13.1)
    mustermann (1.0.3)
    mustermann-grape (1.0.0)
      mustermann (~> 1.0.0)
    mysql2 (0.5.2)
    net-ldap (0.16.1)
    net-scp (2.0.0)
      net-ssh (>= 2.6.5, < 6.0.0)
    net-sftp (2.1.2)
      net-ssh (>= 2.6.5)
    net-ssh (5.2.0)
    net-ssh-gateway (2.0.0)
      net-ssh (>= 4.0.0)
    nio4r (2.3.1)
    nokogiri (1.10.5)
      mini_portile2 (~> 2.4.0)
    paper_trail (10.3.0)
      activerecord (>= 4.2, < 6.1)
      request_store (~> 1.1)
    paperclip (6.1.0)
      activemodel (>= 4.2.0)
      activesupport (>= 4.2.0)
      mime-types
      mimemagic (~> 0.3.0)
      terrapin (~> 0.6.0)
    paranoia (2.4.2)
      activerecord (>= 4.0, < 6.1)
    puma (3.12.1)
    raabro (1.1.6)
    rack (2.0.7)
    rack-accept (0.4.5)
      rack (>= 0.4)
    rack-protection (2.0.5)
      rack
    rack-test (0.6.3)
      rack (>= 1.0)
    rails (5.0.7.2)
      actioncable (= 5.0.7.2)
      actionmailer (= 5.0.7.2)
      actionpack (= 5.0.7.2)
      actionview (= 5.0.7.2)
      activejob (= 5.0.7.2)
      activemodel (= 5.0.7.2)
      activerecord (= 5.0.7.2)
      activesupport (= 5.0.7.2)
      bundler (>= 1.3.0)
      railties (= 5.0.7.2)
      sprockets-rails (>= 2.0.0)
    rails-controller-testing (1.0.4)
      actionpack (>= 5.0.1.x)
      actionview (>= 5.0.1.x)
      activesupport (>= 5.0.1.x)
    rails-dom-testing (2.0.3)
      activesupport (>= 4.2.0)
      nokogiri (>= 1.6)
    rails-html-sanitizer (1.3.0)
      loofah (~> 2.3)
    rails-jquery-autocomplete (1.0.5)
      rails (>= 3.2)
    railties (5.0.7.2)
      actionpack (= 5.0.7.2)
      activesupport (= 5.0.7.2)
      method_source
      rake (>= 0.8.7)
      thor (>= 0.18.1, < 2.0)
    rake (12.3.2)
    rb-fsevent (0.10.3)
    rb-inotify (0.10.0)
      ffi (~> 1.0)
    redcarpet (3.4.0)
    redis (4.1.1)
    redis-namespace (1.6.0)
      redis (>= 3.0.4)
    ref (2.0.0)
    request_store (1.4.1)
      rack (>= 1.4)
    rspec-core (3.8.0)
      rspec-support (~> 3.8.0)
    rspec-expectations (3.8.3)
      diff-lcs (>= 1.2.0, < 2.0)
      rspec-support (~> 3.8.0)
    rspec-its (1.3.0)
      rspec-core (>= 3.0.0)
      rspec-expectations (>= 3.0.0)
    rspec-mocks (3.8.0)
      diff-lcs (>= 1.2.0, < 2.0)
      rspec-support (~> 3.8.0)
    rspec-rails (3.8.2)
      actionpack (>= 3.0)
      activesupport (>= 3.0)
      railties (>= 3.0)
      rspec-core (~> 3.8.0)
      rspec-expectations (~> 3.8.0)
      rspec-mocks (~> 3.8.0)
      rspec-support (~> 3.8.0)
    rspec-support (3.8.0)
    ruby-ldapserver (0.5.3)
    sass (3.7.4)
      sass-listen (~> 4.0.0)
    sass-listen (4.0.0)
      rb-fsevent (~> 0.9, >= 0.9.4)
      rb-inotify (~> 0.9, >= 0.9.7)
    sass-rails (5.0.7)
      railties (>= 4.0.0, < 6)
      sass (~> 3.1)
      sprockets (>= 2.8, < 4.0)
      sprockets-rails (>= 2.0, < 4.0)
      tilt (>= 1.1, < 3)
    sidekiq (5.2.7)
      connection_pool (~> 2.2, >= 2.2.2)
      rack (>= 1.5.0)
      rack-protection (>= 1.5.0)
      redis (>= 3.3.5, < 5)
    sidekiq-cron (1.0.4)
      fugit (~> 1.1)
      sidekiq (>= 4.2.1)
    simple_form (5.0.0)
      actionpack (>= 5.0)
      activemodel (>= 5.0)
    spring (2.0.2)
      activesupport (>= 4.2)
    spring-commands-rspec (1.0.4)
      spring (>= 0.9.1)
    sprockets (3.7.2)
      concurrent-ruby (~> 1.0)
      rack (> 1, < 3)
    sprockets-rails (3.2.1)
      actionpack (>= 4.0)
      activesupport (>= 4.0)
      sprockets (>= 3.0.0)
    stomp (1.3.4)
    terrapin (0.6.0)
      climate_control (>= 0.0.3, < 1.0)
    therubyracer (0.12.3)
      libv8 (~> 3.16.14.15)
      ref
    thor (0.19.4)
    thread_safe (0.3.6)
    tilt (2.0.9)
    timecop (0.9.1)
    tzinfo (1.2.5)
      thread_safe (~> 0.1)
    uglifier (4.1.20)
      execjs (>= 0.3.0, < 3)
    virtus (1.0.5)
      axiom-types (~> 0.1)
      coercible (~> 1.0)
      descendants_tracker (~> 0.0, >= 0.0.3)
      equalizer (~> 0.0, >= 0.0.9)
    websocket-driver (0.6.5)
      websocket-extensions (>= 0.1.0)
    websocket-extensions (0.1.3)
    will_paginate (3.1.7)
    with_advisory_lock (4.0.0)
      activerecord (>= 4.2)

PLATFORMS
  ruby

DEPENDENCIES
  bcrypt
  bootstrap-sass (~> 2.3.2.2)
  capistrano (~> 2.15)
  closure_tree
  diffy
  exception_notification
  excon
  factory_bot_rails
  fakeweb!
  font-awesome-rails
  foreman
  grape (>= 1.1.0)
  grape-active_model_serializers
  grape-entity
  grape-swagger
  grape-swagger-entity
  high_voltage
  ipaddress
  jquery-rails
  jquery-ui-rails
  keynote
  mysql2
  net-ldap
  paper_trail
  paperclip
  paranoia
  puma
  rack (>= 2.0.6)
  rails (~> 5.0.7)
  rails-controller-testing
  rails-jquery-autocomplete
  rake
  redcarpet
  redis-namespace
  rspec-its
  rspec-rails
  rubius!
  ruby-ldapserver
  sass-rails
  sidekiq
  sidekiq-cron (~> 1.0.0)
  simple_form
  spring
  spring-commands-rspec
  sprockets (>= 3.7.2)
  stomp (= 1.3.4)
  therubyracer
  timecop
  uglifier
  virtus
  will_paginate

RUBY VERSION
   ruby 2.6.3p62

BUNDLED WITH
   2.0.2
